GEM
  remote: https://www.rubygems.org/
  specs:
    addressable (2.8.0)
      public_suffix (>= 2.0.2, < 5.0)
    down (5.1.1)
      addressable (~> 2.5)
    public_suffix (4.0.6)

PLATFORMS
  ruby

DEPENDENCIES
  down

BUNDLED WITH
   2.1.4
